GEM
  remote: https://rubygems.org/
  specs:
    bson (4.2.2)
    eventql (0.0.3)
    mongo (2.4.3)
      bson (>= 4.2.1, < 5.0.0)
    sqlite3 (1.3.13)

PLATFORMS
  ruby

DEPENDENCIES
  eventql (~> 0.0.3)
  mongo (~> 2.4)
  sqlite3 (~> 1.3, >= 1.3.11)

BUNDLED WITH
   1.13.7
