GEM
  remote: https://rubygems.org/
  specs:
    eventql (0.0.3)
    sqlite3 (1.3.13)

PLATFORMS
  ruby

DEPENDENCIES
  eventql (~> 0.0.3)
  sqlite3 (~> 1.3, >= 1.3.11)

BUNDLED WITH
   1.13.7
